GEM
  remote: https://rubygems.org/
  specs:
    blockenspiel (0.4.5)
    bundler-audit (0.3.1)
      bundler (~> 1.2)
      thor (~> 0.18)
    json (1.8.3)
    thor (0.19.1)
    versionomy (0.4.4)
      blockenspiel (>= 0.4.5)

PLATFORMS
  ruby

DEPENDENCIES
  bundler-audit
  json
  versionomy

BUNDLED WITH
   1.10.3
